GEM
  remote: http://rubygems.org/
  specs:
    actionpack (3.2.7)
      activemodel (= 3.2.7)
      activesupport (= 3.2.7)
      builder (~> 3.0.0)
      erubis (~> 2.7.0)
      journey (~> 1.0.4)
      rack (~> 1.4.0)
      rack-cache (~> 1.2)
      rack-test (~> 0.6.1)
      sprockets (~> 2.1.3)
    activemodel (3.2.7)
      activesupport (= 3.2.7)
      builder (~> 3.0.0)
    activesupport (3.2.7)
      i18n (~> 0.6)
      multi_json (~> 1.0)
    archive-tar-minitar (0.5.2)
    awesome_print (1.0.2)
    binding_of_caller (0.6.7)
    biodiversity19 (1.0.15)
      parallel
      parallel
      treetop
      treetop
    builder (3.0.0)
    coderay (1.0.7)
    columnize (0.3.6)
    coolline (0.3.0)
    cucumber (1.1.9)
      builder (>= 2.1.2)
      diff-lcs (>= 1.1.2)
      gherkin (~> 2.9.0)
      json (>= 1.4.6)
      term-ansicolor (>= 1.0.6)
    debugger (1.2.0)
      columnize (>= 0.3.1)
      debugger-linecache (~> 1.1.1)
      debugger-ruby_core_source (~> 1.1.3)
    debugger-linecache (1.1.2)
      debugger-ruby_core_source (>= 1.1.1)
    debugger-ruby_core_source (1.1.3)
    diff-lcs (1.1.3)
    diffy (2.0.8)
    erubis (2.7.0)
    gherkin (2.9.3)
      json (>= 1.4.6)
    git (1.2.5)
    grit (2.5.0)
      diff-lcs (~> 1.1)
      mime-types (~> 1.15)
      posix-spawn (~> 0.3.6)
    hike (1.2.1)
    hirb (0.6.2)
    i18n (0.6.0)
    jazz_hands (0.2.0)
      awesome_print (~> 1.0.2)
      coderay (~> 1.0.5)
      coolline (>= 0.1.0)
      hirb (~> 0.6.2)
      pry (~> 0.9.8.4)
      pry-doc (~> 0.4.1)
      pry-git (~> 0.2.2)
      pry-nav (~> 0.2.0)
      pry-remote (>= 0.1.1)
      pry-stack_explorer (~> 0.4.1)
      railties (~> 3.0)
    jeweler (1.6.4)
      bundler (~> 1.0)
      git (>= 1.2.5)
      rake
    journey (1.0.4)
    json (1.7.4)
    method_source (0.7.1)
    mime-types (1.19)
    multi_json (1.3.6)
    nokogiri (1.5.5)
    parallel (0.5.17)
    parsley-store (0.3.0)
      biodiversity19
      redis
    polyglot (0.3.3)
    posix-spawn (0.3.6)
    pry (0.9.8.4)
      coderay (~> 1.0.5)
      method_source (~> 0.7.1)
      slop (>= 2.4.4, < 3)
    pry-doc (0.4.3)
      pry (>= 0.9.0)
      yard (~> 0.8.1)
    pry-git (0.2.3)
      diffy
      grit
      pry (>= 0.9.8)
    pry-nav (0.2.0)
      pry (~> 0.9.8.1)
    pry-remote (0.1.1)
      pry (~> 0.9.8)
      slop (~> 2.1)
    pry-stack_explorer (0.4.5)
      binding_of_caller (~> 0.6.2)
    rack (1.4.1)
    rack-cache (1.2)
      rack (>= 0.4)
    rack-ssl (1.3.2)
      rack
    rack-test (0.6.1)
      rack (>= 1.0)
    railties (3.2.7)
      actionpack (= 3.2.7)
      activesupport (= 3.2.7)
      rack-ssl (~> 1.3.2)
      rake (>= 0.8.7)
      rdoc (~> 3.4)
      thor (>= 0.14.6, < 2.0)
    rake (0.9.2.2)
    rdoc (3.12)
      json (~> 1.4)
    redis (3.0.1)
    rspec (2.7.0)
      rspec-core (~> 2.7.0)
      rspec-expectations (~> 2.7.0)
      rspec-mocks (~> 2.7.0)
    rspec-core (2.7.1)
    rspec-expectations (2.7.0)
      diff-lcs (~> 1.1.2)
    rspec-mocks (2.7.0)
    slop (2.4.4)
    sprockets (2.1.3)
      hike (~> 1.2)
      rack (~> 1.0)
      tilt (~> 1.1, != 1.3.0)
    term-ansicolor (1.0.7)
    thor (0.15.4)
    tilt (1.3.3)
    treetop (1.4.10)
      polyglot
      polyglot (>= 0.3.1)
    yard (0.8.2.1)

PLATFORMS
  ruby

DEPENDENCIES
  archive-tar-minitar
  bundler (~> 1.0)
  cucumber (~> 1.1.3)
  debugger
  jazz_hands
  jeweler (~> 1.6.4)
  nokogiri (~> 1.5.0)
  parsley-store (~> 0.3.0)
  rspec (~> 2.7.0)
